GEM
  remote: http://rubygems.org/
  specs:
    activemodel (3.2.12)
      activesupport (= 3.2.12)
      builder (~> 3.0.0)
    activerecord (3.2.12)
      activemodel (= 3.2.12)
      activesupport (= 3.2.12)
      arel (~> 3.0.2)
      tzinfo (~> 0.3.29)
    activerecord-postgresql-adapter (0.0.1)
      pg
    activesupport (3.2.12)
      i18n (~> 0.6)
      multi_json (~> 1.0)
    arel (3.0.2)
    builder (3.0.4)
    i18n (0.6.1)
    multi_json (1.6.1)
    pg (0.14.1-x86-mingw32)
    tzinfo (0.3.35)

PLATFORMS
  x86-mingw32

DEPENDENCIES
  activerecord
  activerecord-postgresql-adapter
  pg