PATH
  remote: .
  specs:
    rspec2db (0.1.4)
      activerecord (~> 3.2.12)
      activerecord-postgresql-adapter
      pg
      rspec (= 2.99.0)

GEM
  remote: http://rubygems.org/
  specs:
    activemodel (3.2.21)
      activesupport (= 3.2.21)
      builder (~> 3.0.0)
    activerecord (3.2.21)
      activemodel (= 3.2.21)
      activesupport (= 3.2.21)
      arel (~> 3.0.2)
      tzinfo (~> 0.3.29)
    activerecord-postgresql-adapter (0.0.1)
      pg
    activesupport (3.2.21)
      i18n (~> 0.6, >= 0.6.4)
      multi_json (~> 1.0)
    arel (3.0.3)
    builder (3.0.4)
    diff-lcs (1.2.5)
    i18n (0.7.0)
    multi_json (1.11.0)
    pg (0.18.2)
    pg (0.18.2-x86-mingw32)
    rspec (2.99.0)
      rspec-core (~> 2.99.0)
      rspec-expectations (~> 2.99.0)
      rspec-mocks (~> 2.99.0)
    rspec-core (2.99.2)
    rspec-expectations (2.99.2)
      diff-lcs (>= 1.1.3, < 2.0)
    rspec-mocks (2.99.3)
    tzinfo (0.3.44)

PLATFORMS
  ruby
  x86-mingw32

DEPENDENCIES
  rspec2db!
