PATH
  remote: .
  specs:
    rspec2db (0.1.4)
      activerecord
      activerecord-postgresql-adapter
      pg
      rspec (= 2.99.0)

GEM
  remote: http://rubygems.org/
  specs:
    activemodel (4.2.1)
      activesupport (= 4.2.1)
      builder (~> 3.1)
    activerecord (4.2.1)
      activemodel (= 4.2.1)
      activesupport (= 4.2.1)
      arel (~> 6.0)
    activerecord-postgresql-adapter (0.0.1)
      pg
    activesupport (4.2.1)
      i18n (~> 0.7)
      json (~> 1.7, >= 1.7.7)
      minitest (~> 5.1)
      thread_safe (~> 0.3, >= 0.3.4)
      tzinfo (~> 1.1)
    arel (6.0.0)
    builder (3.2.2)
    diff-lcs (1.2.5)
    i18n (0.7.0)
    json (1.8.3)
    minitest (5.7.0)
    pg (0.18.2)
    pg (0.18.2-x86-mingw32)
    rspec (2.99.0)
      rspec-core (~> 2.99.0)
      rspec-expectations (~> 2.99.0)
      rspec-mocks (~> 2.99.0)
    rspec-core (2.99.2)
    rspec-expectations (2.99.2)
      diff-lcs (>= 1.1.3, < 2.0)
    rspec-mocks (2.99.3)
    thread_safe (0.3.5)
    tzinfo (1.2.2)
      thread_safe (~> 0.1)

PLATFORMS
  ruby
  x86-mingw32

DEPENDENCIES
  rspec2db!
